GEM
  specs:
    json (2.3.1)

PLATFORMS
  ruby

DEPENDENCIES
  json (>= 2.3.0)

BUNDLED WITH
   2.1.4
